NUGET
  remote: https://nuget.org/api/v2
  specs:
    FsCheck (2.0.3) - framework: >= net45
      FSharp.Core (>= 3.1.2.1)
    FSharp.Charting (0.90.12)
    FSharp.Core (3.1.2.1) - framework: >= net45
    FsPickler (1.3.2)
    MSBuild.Extension.Pack (1.3.0) - framework: >= net45
    PerfUtil (0.1.8)
    Suave (0.30.0)
      FSharp.Core (>= 3.1.2.1)
      FsPickler (>= 1.2.5)
    Unquote (3.0.0) - framework: >= net45
    xunit (2.0.0) - framework: >= net45
      xunit.assert (2.0.0)
      xunit.core (2.0.0)
    xunit.abstractions (2.0.0) - framework: >= net45
    xunit.assert (2.0.0) - framework: >= net45
    xunit.core (2.0.0) - framework: >= net45
      xunit.extensibility.core (2.0.0)
    xunit.extensibility.core (2.0.0) - framework: >= net45
      xunit.abstractions (2.0.0)
    xunit.runner.console (2.0.0) - framework: >= net45
    xunit.runner.visualstudio (2.0.1) - version_in_path: true
