NUGET
  remote: https://nuget.org/api/v2
  specs:
    Antlr4.StringTemplate (4.0.6.9004)
    FsCheck (2.0.3) - framework: >= net45
      FSharp.Core (>= 3.1.2.1)
    FSharp.Charting (0.90.12)
    FSharp.Core (3.1.2.1) - framework: >= net45
    MSBuild.Extension.Pack (1.3.0) - framework: >= net45
    NamedFormat (1.0.0)
    PerfUtil (0.1.8)
    Serilog (1.5.9) - framework: >= net45
    Unquote (3.0.0) - framework: >= net45
    xunit (2.0.0) - framework: >= net45
      xunit.assert (2.0.0)
      xunit.core (2.0.0)
    xunit.abstractions (2.0.0) - framework: >= net45
    xunit.assert (2.0.0) - framework: >= net45
    xunit.core (2.0.0) - framework: >= net45
      xunit.extensibility.core (2.0.0)
    xunit.extensibility.core (2.0.0) - framework: >= net45
      xunit.abstractions (2.0.0)
    xunit.runner.console (2.0.0) - framework: >= net45
    xunit.runner.visualstudio (2.0.1) - version_in_path: true
